GEM
  remote: https://rubygems.org/
  specs:
    builder (3.2.3)
    childprocess (0.6.1)
      ffi (~> 1.0, >= 1.0.11)
    cucumber (2.4.0)
      builder (>= 2.1.2)
      cucumber-core (~> 1.5.0)
      cucumber-wire (~> 0.0.1)
      diff-lcs (>= 1.1.3)
      gherkin (~> 4.0)
      multi_json (>= 1.7.5, < 2.0)
      multi_test (>= 0.1.2)
    cucumber-core (1.5.0)
      gherkin (~> 4.0)
    cucumber-wire (0.0.1)
    data_magic (1.0)
      faker (>= 1.1.2)
      yml_reader (>= 0.6)
    diff-lcs (1.1.3)
    faker (1.7.2)
      i18n (~> 0.5)
    ffi (1.9.17)
    gherkin (4.0.0)
    i18n (0.7.0)
    multi_json (1.12.1)
    multi_test (0.1.2)
    net-http-persistent (2.9.4)
    page-object (2.0.0)
      net-http-persistent (~> 2.9.4)
      page_navigation (>= 0.9)
      selenium-webdriver (~> 3.0)
      watir (~> 6.0)
    page_navigation (0.10)
      data_magic (>= 0.22)
    rake (12.0.0)
    require_all (1.4.0)
    rspec (2.99.0)
      rspec-core (~> 2.99.0)
      rspec-expectations (~> 2.99.0)
      rspec-mocks (~> 2.99.0)
    rspec-core (2.99.2)
    rspec-expectations (2.99.2)
      diff-lcs (>= 1.1.3, < 2.0)
    rspec-mocks (2.99.4)
    rubyzip (1.2.0)
    selenium-webdriver (3.0.5)
      childprocess (~> 0.5)
      rubyzip (~> 1.0)
      websocket (~> 1.0)
    watir (6.1.0)
      selenium-webdriver (~> 3.0)
    websocket (1.2.3)
    yml_reader (0.7)

PLATFORMS
  ruby

DEPENDENCIES
  cucumber
  data_magic
  diff-lcs (= 1.1.3)
  page-object
  rake
  require_all
  rspec
  watir

BUNDLED WITH
   1.11.2
